GEM
  remote: https://rubygems.org/
  specs:
    awesome_print (1.8.0)
    byebug (9.1.0)
    coderay (1.1.2)
    diff-lcs (1.3)
    dotenv (2.2.1)
    json (2.1.0)
    method_source (0.9.0)
    mysql2 (0.4.9)
    net-ldap (0.16.1)
    pry (0.11.2)
      coderay (~> 1.1.0)
      method_source (~> 0.9.0)
    pry-byebug (3.5.0)
      byebug (~> 9.1)
      pry (~> 0.10)
    rake (12.2.1)
    rspec (3.7.0)
      rspec-core (~> 3.7.0)
      rspec-expectations (~> 3.7.0)
      rspec-mocks (~> 3.7.0)
    rspec-core (3.7.0)
      rspec-support (~> 3.7.0)
    rspec-expectations (3.7.0)
      diff-lcs (>= 1.2.0, < 2.0)
      rspec-support (~> 3.7.0)
    rspec-mocks (3.7.0)
      diff-lcs (>= 1.2.0, < 2.0)
      rspec-support (~> 3.7.0)
    rspec-support (3.7.0)
    ruby-debug-ide (0.6.0)
      rake (>= 0.8.1)
    sequel (5.2.0)
    tiny_tds (2.1.0)

PLATFORMS
  ruby

DEPENDENCIES
  awesome_print
  dotenv
  json
  mysql2
  net-ldap
  pry
  pry-byebug
  rspec (~> 3.0)
  ruby-debug-ide
  sequel
  tiny_tds

BUNDLED WITH
   1.15.4
